GEM
  specs:
    byebug (9.0.6)

PLATFORMS
  ruby

DEPENDENCIES
  byebug
